GEM
  remote: https://rubygems.org/
  specs:
    bundle (0.0.1)
      bundler
    os (1.1.1)

PLATFORMS
  x64-mingw32

DEPENDENCIES
  bundle (~> 0.0.1)
  os (~> 1.1, >= 1.1.1)

BUNDLED WITH
   2.1.4
